PATH
  remote: ../..
  specs:
    prism (1.0.0)

GEM
  remote: https://rubygems.org/
  specs:
    ast (2.4.2)
    parser (3.3.5.0)
      ast (~> 2.4.1)
      racc
    power_assert (2.0.3)
    racc (1.8.1)
    rake (13.2.1)
    rake-compiler (1.2.7)
      rake
    test-unit (3.6.2)
      power_assert

PLATFORMS
  ruby

DEPENDENCIES
  parser
  prism!
  rake
  rake-compiler
  test-unit

RUBY VERSION
   ruby 3.2.2p0 (truffleruby 24.0.0)

BUNDLED WITH
   2.2.32
