PATH
  remote: .
  specs:
    prism (0.15.1)

GEM
  remote: https://rubygems.org/
  specs:
    ffi (1.15.5)
    mini_portile2 (2.8.4)
    nokogiri (1.15.3)
      mini_portile2 (~> 2.8.2)
      racc (~> 1.4)
    power_assert (2.0.3)
    racc (1.7.1)
    rake (13.0.6)
    rake-compiler (1.2.5)
      rake
    ruby_memcheck (2.0.1)
      nokogiri
    test-unit (3.6.1)
      power_assert

PLATFORMS
  ruby
  universal-java-17
  universal-java-20

DEPENDENCIES
  ffi
  prism!
  rake
  rake-compiler
  ruby_memcheck
  test-unit

BUNDLED WITH
   2.3.6
