PATH
  remote: .
  specs:
    prism (0.18.0)

GEM
  remote: https://rubygems.org/
  specs:
    ffi (1.15.5)
    mini_portile2 (2.8.5)
    nokogiri (1.15.4)
      mini_portile2 (~> 2.8.2)
      racc (~> 1.4)
    power_assert (2.0.3)
    racc (1.7.3)
    rake (13.0.6)
    rake-compiler (1.2.5)
      rake
    rbs (3.2.2)
    ruby_memcheck (2.2.1)
      nokogiri
    test-unit (3.6.1)
      power_assert

PLATFORMS
  ruby
  universal-java-17
  universal-java-20

DEPENDENCIES
  ffi
  prism!
  rake
  rake-compiler
  rbs
  ruby_memcheck
  test-unit

BUNDLED WITH
   2.3.6
