PATH
  remote: ../..
  specs:
    prism (1.3.0)

GEM
  remote: https://rubygems.org/
  specs:
    ast (2.4.2)
    parser (3.3.7.0)
      ast (~> 2.4.1)
      racc
    power_assert (2.0.5)
    racc (1.8.1)
    racc (1.8.1-java)
    rake (13.2.1)
    rake-compiler (1.2.9)
      rake
    test-unit (3.6.7)
      power_assert

PLATFORMS
  universal-java-11
  universal-java-17
  universal-java-20
  universal-java-21
  universal-java-22
  universal-java-23
  x86_64-linux

DEPENDENCIES
  parser
  prism!
  rake
  rake-compiler
  test-unit

RUBY VERSION
   ruby 3.1.4p0 (jruby 9.4.5.0)

BUNDLED WITH
   2.3.26
