PATH
  remote: ../..
  specs:
    prism (1.6.0)

GEM
  remote: https://rubygems.org/
  specs:
    ast (2.4.3)
    parser (3.3.10.0)
      ast (~> 2.4.1)
      racc
    power_assert (2.0.5)
    racc (1.8.1)
    racc (1.8.1-java)
    rake (13.3.0)
    rake-compiler (1.3.0)
      rake
    ruby_parser (3.21.1)
      racc (~> 1.5)
      sexp_processor (~> 4.16)
    sexp_processor (4.17.4)
    test-unit (3.7.0)
      power_assert

PLATFORMS
  universal-java-11
  universal-java-17
  universal-java-20
  universal-java-21
  universal-java-22
  universal-java-23
  x86_64-linux

DEPENDENCIES
  parser
  prism!
  rake
  rake-compiler
  ruby_parser
  test-unit

RUBY VERSION
   ruby 3.4.2p0 (jruby 10.0.0.0)

BUNDLED WITH
   2.7.2
