PATH
  remote: ../..
  specs:
    prism (1.0.0)

GEM
  remote: https://rubygems.org/
  specs:
    ast (2.4.2)
    ffi (1.17.0)
    logger (1.6.1)
    mini_portile2 (2.8.7)
    nokogiri (1.16.7)
      mini_portile2 (~> 2.8.2)
      racc (~> 1.4)
    onigmo (0.1.0)
    parser (3.3.5.0)
      ast (~> 2.4.1)
      racc
    power_assert (2.0.3)
    racc (1.8.1)
    rake (13.2.1)
    rake-compiler (1.2.7)
      rake
    rbs (3.5.3)
      logger
    ruby_memcheck (3.0.0)
      nokogiri
    test-unit (3.6.2)
      power_assert

PLATFORMS
  ruby

DEPENDENCIES
  ffi
  onigmo
  parser
  prism!
  rake
  rake-compiler
  rbs
  ruby_memcheck
  test-unit

RUBY VERSION
   ruby 3.1.4p223

BUNDLED WITH
   2.3.26
