PATH
  remote: ../..
  specs:
    prism (0.29.0)

GEM
  remote: https://rubygems.org/
  specs:
    abbrev (0.1.2)
    ast (2.4.2)
    ffi (1.16.3)
    mini_portile2 (2.8.6)
    nokogiri (1.16.5)
      mini_portile2 (~> 2.8.2)
      racc (~> 1.4)
    parser (3.3.1.0)
      ast (~> 2.4.1)
      racc
    power_assert (2.0.3)
    racc (1.8.0)
    rake (13.2.1)
    rake-compiler (1.2.7)
      rake
    rbs (3.4.4)
      abbrev
    ruby_memcheck (3.0.0)
      nokogiri
    test-unit (3.6.2)
      power_assert

PLATFORMS
  ruby

DEPENDENCIES
  ffi
  parser
  prism!
  rake
  rake-compiler
  rbs
  ruby_memcheck
  test-unit

RUBY VERSION
   ruby 3.1.4p223

BUNDLED WITH
   2.3.26
