PATH
  remote: ../..
  specs:
    prism (1.6.0)

GEM
  remote: https://rubygems.org/
  specs:
    ast (2.4.3)
    logger (1.7.0)
    mini_portile2 (2.8.9)
    nokogiri (1.18.10)
      mini_portile2 (~> 2.8.2)
      racc (~> 1.4)
    onigmo (0.1.0)
    parser (3.3.10.0)
      ast (~> 2.4.1)
      racc
    power_assert (2.0.5)
    racc (1.8.1)
    rake (13.3.0)
    rake-compiler (1.3.0)
      rake
    rbs (3.9.5)
      logger
    ruby_memcheck (3.0.1)
      nokogiri
    ruby_parser (3.21.1)
      racc (~> 1.5)
      sexp_processor (~> 4.16)
    sexp_processor (4.17.4)
    test-unit (3.7.0)
      power_assert

PLATFORMS
  ruby

DEPENDENCIES
  onigmo
  parser
  prism!
  rake
  rake-compiler
  rbs
  ruby_memcheck
  ruby_parser
  test-unit

RUBY VERSION
   ruby 3.4.1p0

BUNDLED WITH
   2.6.9
