PATH
  remote: ../..
  specs:
    prism (1.3.0)

GEM
  remote: https://rubygems.org/
  specs:
    ast (2.4.2)
    logger (1.6.4)
    mini_portile2 (2.8.8)
    nokogiri (1.18.1)
      mini_portile2 (~> 2.8.2)
      racc (~> 1.4)
    onigmo (0.1.0)
    parser (3.3.7.0)
      ast (~> 2.4.1)
      racc
    power_assert (2.0.5)
    racc (1.8.1)
    rake (13.2.1)
    rake-compiler (1.2.9)
      rake
    rbs (3.8.1)
      logger
    ruby_memcheck (3.0.1)
      nokogiri
    test-unit (3.6.7)
      power_assert

PLATFORMS
  ruby

DEPENDENCIES
  onigmo
  parser
  prism!
  rake
  rake-compiler
  rbs
  ruby_memcheck
  test-unit

RUBY VERSION
   ruby 3.3.0p0

BUNDLED WITH
   2.5.16
