PATH
  remote: ../..
  specs:
    prism (1.3.0)

GEM
  remote: https://rubygems.org/
  specs:
    ast (2.4.2)
    ffi (1.17.1)
    onigmo (0.1.0)
    parser (3.3.6.0)
      ast (~> 2.4.1)
      racc
    power_assert (2.0.4)
    racc (1.8.1)
    rake (13.2.1)
    rake-compiler (1.2.9)
      rake
    rbs (3.1.3)
    test-unit (3.6.5)
      power_assert

PLATFORMS
  ruby

DEPENDENCIES
  ffi
  onigmo
  parser
  prism!
  rake
  rake-compiler
  rbs
  test-unit

RUBY VERSION
   ruby 2.7.8p225

BUNDLED WITH
   2.1.4
