PATH
  remote: ../..
  specs:
    prism (1.4.0)

GEM
  remote: https://rubygems.org/
  specs:
    ast (2.4.3)
    onigmo (0.1.0)
    parser (3.3.8.0)
      ast (~> 2.4.1)
      racc
    power_assert (2.0.5)
    racc (1.8.1)
    rake (13.3.0)
    rake-compiler (1.3.0)
      rake
    rbs (3.1.3)
    test-unit (3.6.9)
      power_assert

PLATFORMS
  ruby

DEPENDENCIES
  onigmo
  parser
  prism!
  rake
  rake-compiler
  rbs
  test-unit

RUBY VERSION
   ruby 2.7.8p225

BUNDLED WITH
   2.1.4
